GIT
  remote: git://raw.github.com/spree/spree_editor.git
  revision: ca40a901ddb6587c850b626449af6aa001de8ce0
  specs:
    spree_editor (1.0.0)
      spree_core (>= 1.0.0)
      tinymce-rails (>= 3.4.7.0.1)

GIT
  remote: http://github.com/spree/spree_static_content
  revision: 8a55b3720c7134498732d559b7d9b9ea18fb42be
  branch: master
  specs:
    spree_static_content (1.1.0.beta)
      spree_auth (~> 1.1.0)
      spree_core (~> 1.1.0)

GEM
  remote: http://rubygems.org/
  specs:
    actionmailer (3.2.3)
      actionpack (= 3.2.3)
      mail (~> 2.4.4)
    actionpack (3.2.3)
      activemodel (= 3.2.3)
      activesupport (= 3.2.3)
      builder (~> 3.0.0)
      erubis (~> 2.7.0)
      journey (~> 1.0.1)
      rack (~> 1.4.0)
      rack-cache (~> 1.2)
      rack-test (~> 0.6.1)
      sprockets (~> 2.1.2)
    active_utils (1.0.3)
      activesupport (>= 2.3.11)
      i18n
    activemerchant (1.20.4)
      active_utils (>= 1.0.2)
      activesupport (>= 2.3.11)
      braintree (>= 2.0.0)
      builder (>= 2.0.0)
      i18n
      json (>= 1.5.1)
      money (<= 3.7.1)
    activemodel (3.2.3)
      activesupport (= 3.2.3)
      builder (~> 3.0.0)
    activerecord (3.2.3)
      activemodel (= 3.2.3)
      activesupport (= 3.2.3)
      arel (~> 3.0.2)
      tzinfo (~> 0.3.29)
    activeresource (3.2.3)
      activemodel (= 3.2.3)
      activesupport (= 3.2.3)
    activesupport (3.2.3)
      i18n (~> 0.6)
      multi_json (~> 1.0)
    acts_as_list (0.1.4)
    arel (3.0.2)
    aws-sdk (1.3.4)
      httparty (~> 0.7)
      json (~> 1.4)
      nokogiri (>= 1.4.4)
      uuidtools (~> 2.1)
    bcrypt-ruby (3.0.1)
    braintree (2.16.0)
      builder (>= 2.0.0)
    builder (3.0.0)
    cancan (1.6.7)
    capistrano (2.11.2)
      highline
      net-scp (>= 1.0.0)
      net-sftp (>= 2.0.0)
      net-ssh (>= 2.0.14)
      net-ssh-gateway (>= 1.1.0)
    cocaine (0.2.1)
    coffee-rails (3.2.2)
      coffee-script (>= 2.2.0)
      railties (~> 3.2.0)
    coffee-script (2.2.0)
      coffee-script-source
      execjs
    coffee-script-source (1.3.3)
    deface (0.9.1)
      nokogiri (~> 1.5.0)
      rails (~> 3.1)
    devise (2.0.4)
      bcrypt-ruby (~> 3.0)
      orm_adapter (~> 0.0.3)
      railties (~> 3.1)
      warden (~> 1.1.1)
    enumerated_attribute (0.2.16)
      meta_programming (>= 0.2.1)
    erubis (2.7.0)
    execjs (1.3.0)
      multi_json (~> 1.0)
    ffaker (1.12.1)
    foreman (0.46.0)
      thor (>= 0.13.6)
    highline (1.6.11)
    hike (1.2.1)
    httparty (0.8.3)
      multi_json (~> 1.0)
      multi_xml
    i18n (0.6.0)
    journey (1.0.3)
    jquery-rails (2.0.2)
      railties (>= 3.2.0, < 5.0)
      thor (~> 0.14)
    json (1.7.3)
    kaminari (0.13.0)
      actionpack (>= 3.0.0)
      activesupport (>= 3.0.0)
      railties (>= 3.0.0)
    kgio (2.7.4)
    libv8 (3.3.10.4)
    mail (2.4.4)
      i18n (>= 0.4.0)
      mime-types (~> 1.16)
      treetop (~> 1.4.8)
    meta_programming (0.2.2)
    mime-types (1.18)
    money (3.7.1)
      i18n (~> 0.4)
    multi_json (1.3.6)
    multi_xml (0.5.1)
    mysql2 (0.3.11)
    nested_set (1.7.0)
      activerecord (>= 3.0.0)
      railties (>= 3.0.0)
    net-scp (1.0.4)
      net-ssh (>= 1.99.1)
    net-sftp (2.0.5)
      net-ssh (>= 2.0.9)
    net-ssh (2.5.2)
    net-ssh-gateway (1.1.0)
      net-ssh (>= 1.99.1)
    nokogiri (1.5.2)
    orm_adapter (0.0.7)
    paperclip (2.7.0)
      activerecord (>= 2.3.0)
      activesupport (>= 2.3.2)
      cocaine (>= 0.0.2)
      mime-types
    polyamorous (0.5.0)
      activerecord (~> 3.0)
    polyglot (0.3.3)
    rabl (0.6.5)
      activesupport (>= 2.3.14)
      multi_json (~> 1.0)
    rack (1.4.1)
    rack-cache (1.2)
      rack (>= 0.4)
    rack-ssl (1.3.2)
      rack
    rack-test (0.6.1)
      rack (>= 1.0)
    rails (3.2.3)
      actionmailer (= 3.2.3)
      actionpack (= 3.2.3)
      activerecord (= 3.2.3)
      activeresource (= 3.2.3)
      activesupport (= 3.2.3)
      bundler (~> 1.0)
      railties (= 3.2.3)
    railties (3.2.3)
      actionpack (= 3.2.3)
      activesupport (= 3.2.3)
      rack-ssl (~> 1.3.2)
      rake (>= 0.8.7)
      rdoc (~> 3.4)
      thor (~> 0.14.6)
    raindrops (0.9.0)
    rake (0.9.2.2)
    ransack (0.6.0)
      actionpack (~> 3.0)
      activerecord (~> 3.0)
      polyamorous (~> 0.5.0)
    rdoc (3.12)
      json (~> 1.4)
    sass (3.1.19)
    sass-rails (3.2.4)
      railties (~> 3.2.0)
      sass (>= 3.1.10)
      tilt (~> 1.3)
    spree (1.1.1)
      spree_api (= 1.1.1)
      spree_auth (= 1.1.1)
      spree_cmd (= 1.1.1)
      spree_core (= 1.1.1)
      spree_dash (= 1.1.1)
      spree_promo (= 1.1.1)
      spree_sample (= 1.1.1)
    spree_api (1.1.1)
      rabl (= 0.6.5)
      spree_auth (= 1.1.1)
      spree_core (= 1.1.1)
    spree_auth (1.1.1)
      cancan (= 1.6.7)
      devise (~> 2.0.0)
      spree_core (= 1.1.1)
    spree_cmd (1.1.1)
    spree_core (1.1.1)
      activemerchant (= 1.20.4)
      acts_as_list (= 0.1.4)
      aws-sdk (~> 1.3.4)
      deface (>= 0.8.0)
      ffaker (~> 1.12.0)
      highline (= 1.6.11)
      jquery-rails (~> 2.0.0)
      kaminari (>= 0.13.0)
      nested_set (= 1.7.0)
      paperclip (~> 2.7)
      rails (>= 3.2.2, <= 3.2.3)
      ransack (~> 0.6.0)
      state_machine (= 1.1.2)
      stringex (~> 1.3.2)
    spree_dash (1.1.1)
      httparty (~> 0.8.1)
      spree_auth (= 1.1.1)
      spree_core (= 1.1.1)
    spree_promo (1.1.1)
      spree_auth (= 1.1.1)
      spree_core (= 1.1.1)
    spree_sample (1.1.1)
      spree_core (= 1.1.1)
    sprockets (2.1.3)
      hike (~> 1.2)
      rack (~> 1.0)
      tilt (~> 1.1, != 1.3.0)
    sqlite3 (1.3.5)
    state_machine (1.1.2)
    stringex (1.3.3)
    therubyracer (0.9.10)
      libv8 (~> 3.3.10)
    thor (0.14.6)
    tilt (1.3.3)
    tinymce-rails (3.4.9)
      railties (>= 3.1.1)
    treetop (1.4.10)
      polyglot
      polyglot (>= 0.3.1)
    tzinfo (0.3.33)
    uglifier (1.2.3)
      execjs (>= 0.3.0)
      multi_json (>= 1.0.2)
    unicorn (4.3.1)
      kgio (~> 2.6)
      rack
      raindrops (~> 0.7)
    uuidtools (2.1.2)
    warden (1.1.1)
      rack (>= 1.0)

PLATFORMS
  ruby

DEPENDENCIES
  aws-sdk (= 1.3.4)
  capistrano (= 2.11.2)
  coffee-rails (= 3.2.2)
  enumerated_attribute
  execjs (= 1.3.0)
  foreman
  jquery-rails (= 2.0.2)
  mysql2
  paperclip (= 2.7.0)
  rails (= 3.2.3)
  sass-rails (= 3.2.4)
  spree (= 1.1.1)
  spree_editor!
  spree_static_content!
  sqlite3 (= 1.3.5)
  therubyracer (= 0.9.10)
  tinymce-rails (= 3.4.9)
  uglifier (= 1.2.3)
  unicorn
